PATH
  remote: .
  specs:
    juicer (1.0.16)
      cmdparse
      juicer
      nokogiri (>= 1.5.0)
      rubyzip

GEM
  remote: http://rubygems.org/
  specs:
    cmdparse (2.0.3)
    fakefs (0.4.0)
    git (1.2.5)
    jeweler (1.8.3)
      bundler (~> 1.0)
      git (>= 1.2.5)
      rake
      rdoc
    json (1.7.3)
    metaclass (0.0.1)
    mocha (0.11.4)
      metaclass (~> 0.0.1)
    nokogiri (1.5.3)
    nokogiri (1.5.3-x86-mingw32)
    rainpress (1.0)
    rake (0.9.2.2)
    rdoc (3.12)
      json (~> 1.4)
    redgreen (1.2.2)
    rubyzip (0.9.8)
    shoulda (3.0.1)
      shoulda-context (~> 1.0.0)
      shoulda-matchers (~> 1.0.0)
    shoulda-context (1.0.0)
    shoulda-matchers (1.0.0)

PLATFORMS
  ruby
  x86-mingw32

DEPENDENCIES
  fakefs (>= 0.2.1)
  jeweler (>= 0.2.1)
  juicer!
  mocha (>= 0.9.8)
  rainpress (>= 1.0)
  redgreen (>= 1.2.2)
  shoulda (>= 2.10.2)
